GEM
  remote: https://rubygems.org/
  specs:
    artii (2.1.1)

PLATFORMS
  ruby

DEPENDENCIES
  artii (= 2.1.1)
